GEM
  remote: https://rubygems.org/
  specs:
    priority_queue (0.2.0)

PLATFORMS
  x86_64-linux

DEPENDENCIES
  priority_queue

BUNDLED WITH
   2.2.3
